PATH
  remote: .
  specs:
    hand_record_utility (1.0.0)

GEM
  remote: https://rubygems.org/
  specs:
    combinatorics (0.4.3)
    diff-lcs (1.2.5)
    rake (10.3.2)
    rspec (3.1.0)
      rspec-core (~> 3.1.0)
      rspec-expectations (~> 3.1.0)
      rspec-mocks (~> 3.1.0)
    rspec-core (3.1.4)
      rspec-support (~> 3.1.0)
    rspec-expectations (3.1.2)
      diff-lcs (>= 1.2.0, < 2.0)
      rspec-support (~> 3.1.0)
    rspec-mocks (3.1.2)
      rspec-support (~> 3.1.0)
    rspec-support (3.1.1)

PLATFORMS
  ruby

DEPENDENCIES
  combinatorics
  hand_record_utility!
  rake
  rspec
